GEM
  remote: http://rubygems.org/
  specs:
    actionmailer (2.3.11)
      actionpack (= 2.3.11)
    actionpack (2.3.11)
      activesupport (= 2.3.11)
      rack (~> 1.1.0)
    activerecord (2.3.11)
      activesupport (= 2.3.11)
    activeresource (2.3.11)
      activesupport (= 2.3.11)
    activesupport (2.3.11)
    acts_as_commentable (2.0.2)
    after_commit (1.0.5)
      activerecord
    daemon_controller (1.0.0)
    elif (0.1.0)
    facets (2.7.0)
    fastthread (1.0.7)
    haml (2.2.14)
    hoptoad_notifier (2.1.3)
      activesupport
    hpricot (0.8.4)
    json_pure (1.2.0)
    money (2.1.5)
    mysql (2.8.1)
    newrelic_rpm (3.4.1)
    noexec (0.1.0)
    paperclip (2.3.1)
    passenger (3.0.7)
      daemon_controller (>= 0.2.5)
      fastthread (>= 1.0.1)
      rack
      rake (>= 0.8.1)
    rack (1.1.0)
    rails (2.3.11)
      actionmailer (= 2.3.11)
      actionpack (= 2.3.11)
      activerecord (= 2.3.11)
      activeresource (= 2.3.11)
      activesupport (= 2.3.11)
      rake (>= 0.8.3)
    rake (0.8.7)
    riddle (1.5.3)
    ruby-ole (1.2.11.4)
    scout (5.5.4)
      elif
    shoulda (2.10.3)
    spreadsheet (0.6.5.9)
      ruby-ole (>= 1.0)
    thinking-sphinx (1.3.14)
      activerecord (>= 1.15.6)
      after_commit (>= 1.0.5)
      riddle (>= 1.0.8)
    will_paginate (2.3.11)

PLATFORMS
  ruby

DEPENDENCIES
  acts_as_commentable (= 2.0.2)
  after_commit (= 1.0.5)
  facets (= 2.7.0)
  haml (= 2.2.14)
  hoptoad_notifier (= 2.1.3)
  hpricot (= 0.8.4)
  json_pure (= 1.2.0)
  money (= 2.1.5)
  mysql (= 2.8.1)
  newrelic_rpm (= 3.4.1)
  noexec (= 0.1.0)
  paperclip (= 2.3.1)
  passenger (= 3.0.7)
  rack (= 1.1.0)
  rails (= 2.3.11)
  rake (= 0.8.7)
  scout (= 5.5.4)
  shoulda (= 2.10.3)
  spreadsheet (= 0.6.5.9)
  thinking-sphinx (= 1.3.14)
  will_paginate (= 2.3.11)
