GIT
  remote: git://github.com/jeremydurham/custom-err-msg.git
  revision: 3a8ec9dddc7a5b0aab7c69a6060596de300c68f4
  branch: master
  specs:
    custom_error_message (1.1.1)

GIT
  remote: git://github.com/seuros/state_machine.git
  revision: 1a373b2d23a21037d95cc369a4c5b0a9c551d326
  branch: master
  specs:
    state_machine (1.2.0)

GIT
  remote: git://github.com/smtlaissezfaire/fixturereplacement.git
  revision: 609b9e37b0e753bb6fd3089f06b0293eb1d83211
  branch: master
  specs:
    fixture_replacement (3.0.1)

GEM
  remote: https://rubygems.org/
  specs:
    actionmailer (4.1.5)
      actionpack (= 4.1.5)
      actionview (= 4.1.5)
      mail (~> 2.5.4)
    actionpack (4.1.5)
      actionview (= 4.1.5)
      activesupport (= 4.1.5)
      rack (~> 1.5.2)
      rack-test (~> 0.6.2)
    actionview (4.1.5)
      activesupport (= 4.1.5)
      builder (~> 3.1)
      erubis (~> 2.7.0)
    activemodel (4.1.5)
      activesupport (= 4.1.5)
      builder (~> 3.1)
    activerecord (4.1.5)
      activemodel (= 4.1.5)
      activesupport (= 4.1.5)
      arel (~> 5.0.0)
    activerecord-session_store (0.1.0)
      actionpack (>= 4.0.0, < 5)
      activerecord (>= 4.0.0, < 5)
      railties (>= 4.0.0, < 5)
    activesupport (4.1.5)
      i18n (~> 0.6, >= 0.6.9)
      json (~> 1.7, >= 1.7.7)
      minitest (~> 5.1)
      thread_safe (~> 0.1)
      tzinfo (~> 1.1)
    acts_as_commentable (4.0.1)
    acts_as_tree (2.0.0)
      activerecord (>= 3.0.0)
    airbrake (4.1.0)
      builder
      multi_json
    annotate (2.5.0)
      rake
    arel (5.0.1.20140414130214)
    bcrypt (3.1.9)
    builder (3.2.2)
    byebug (3.5.1)
      columnize (~> 0.8)
      debugger-linecache (~> 1.2)
      slop (~> 3.6)
    capistrano (2.12.0)
      highline
      net-scp (>= 1.0.0)
      net-sftp (>= 2.0.0)
      net-ssh (>= 2.0.14)
      net-ssh-gateway (>= 1.1.0)
    capybara (2.4.1)
      mime-types (>= 1.16)
      nokogiri (>= 1.3.3)
      rack (>= 1.0.0)
      rack-test (>= 0.5.4)
      xpath (~> 2.0)
    celluloid (0.15.2)
      timers (~> 1.1.0)
    ckeditor (4.0.4)
      mime-types
      orm_adapter
    climate_control (0.0.3)
      activesupport (>= 3.0)
    cocaine (0.5.1)
      climate_control (>= 0.0.3, < 1.0)
    coffee-rails (4.0.1)
      coffee-script (>= 2.2.0)
      railties (>= 4.0.0, < 5.0)
    coffee-script (2.3.0)
      coffee-script-source
      execjs
    coffee-script-source (1.3.3)
    columnize (0.8.9)
    connection_pool (2.1.0)
    daemon_controller (1.0.0)
    daemons (1.1.9)
    databasedotcom (1.3.2)
      activesupport
      json
      multipart-post (~> 1.1)
    debugger-linecache (1.2.0)
    devise (3.3.0)
      bcrypt (~> 3.0)
      orm_adapter (~> 0.1)
      railties (>= 3.2.6, < 5)
      thread_safe (~> 0.1)
      warden (~> 1.2.3)
    docile (1.1.5)
    dotenv (1.0.2)
    dynamic_form (1.0.0)
    elif (0.1.0)
    erubis (2.7.0)
    eventmachine (0.12.10)
    execjs (2.2.1)
    facets (2.9.3)
    fastthread (1.0.7)
    foreman (0.76.0)
      dotenv (~> 1.0.2)
      thor (~> 0.19.1)
    haml (4.0.5)
      tilt
    highline (1.6.13)
    hike (1.2.3)
    hpricot (0.8.4)
    i18n (0.6.11)
    innertube (1.1.0)
    joiner (0.3.3)
      activerecord (>= 4.1.0)
    jquery-rails (2.0.2)
      railties (>= 3.2.0, < 5.0)
      thor (~> 0.14)
    jquery-ui-rails (4.0.2)
      jquery-rails
      railties (>= 3.1.0)
    json (1.8.1)
    json_pure (1.8.1)
    mail (2.5.4)
      mime-types (~> 1.16)
      treetop (~> 1.4.8)
    metaclass (0.0.4)
    middleware (0.1.0)
    mime-types (1.25.1)
    mini_portile (0.6.0)
    minitest (5.4.3)
    mocha (1.1.0)
      metaclass (~> 0.0.1)
    money (2.1.5)
    multi_json (1.10.1)
    multipart-post (1.2.0)
    mysql2 (0.3.16)
    net-scp (1.0.4)
      net-ssh (>= 1.99.1)
    net-sftp (2.0.5)
      net-ssh (>= 2.0.9)
    net-ssh (2.5.2)
    net-ssh-gateway (1.1.0)
      net-ssh (>= 1.99.1)
    newrelic_rpm (3.9.1.236)
    nokogiri (1.6.3.1)
      mini_portile (= 0.6.0)
    orm_adapter (0.5.0)
    paperclip (3.5.1)
      activemodel (>= 3.0.0)
      activesupport (>= 3.0.0)
      cocaine (~> 0.5.0)
      mime-types
    passenger (3.0.7)
      daemon_controller (>= 0.2.5)
      fastthread (>= 1.0.1)
      rack
      rake (>= 0.8.1)
    plugger (0.0.4)
    polyglot (0.3.5)
    prototype-rails (4.0.0)
      rails (~> 4.0)
    rack (1.5.2)
    rack-test (0.6.2)
      rack (>= 1.0)
    rails (4.1.5)
      actionmailer (= 4.1.5)
      actionpack (= 4.1.5)
      actionview (= 4.1.5)
      activemodel (= 4.1.5)
      activerecord (= 4.1.5)
      activesupport (= 4.1.5)
      bundler (>= 1.3.0, < 2.0)
      railties (= 4.1.5)
      sprockets-rails (~> 2.0)
    rails-observers (0.1.2)
      activemodel (~> 4.0)
    railties (4.1.5)
      actionpack (= 4.1.5)
      activesupport (= 4.1.5)
      rake (>= 0.8.7)
      thor (>= 0.18.1, < 2.0)
    rake (10.3.2)
    redis (3.2.0)
    redis-namespace (1.5.1)
      redis (~> 3.0, >= 3.0.4)
    riddle (1.5.11)
    ruby-ole (1.2.11.4)
    sass (3.2.19)
    sass-rails (4.0.3)
      railties (>= 4.0.0, < 5.0)
      sass (~> 3.2.0)
      sprockets (~> 2.8, <= 2.11.0)
      sprockets-rails (~> 2.0)
    scout (5.5.4)
      elif
    shoulda (3.5.0)
      shoulda-context (~> 1.0, >= 1.0.1)
      shoulda-matchers (>= 1.4.1, < 3.0)
    shoulda-context (1.2.1)
    shoulda-matchers (2.7.0)
      activesupport (>= 3.0.0)
    sidekiq (2.17.8)
      celluloid (= 0.15.2)
      connection_pool (~> 2.0)
      json
      redis (~> 3.1)
      redis-namespace (~> 1.3)
    simplecov (0.9.0)
      docile (~> 1.1.0)
      multi_json
      simplecov-html (~> 0.8.0)
    simplecov-html (0.8.0)
    skylight (0.3.20)
      activesupport (>= 3.0.0)
    slop (3.6.0)
    spreadsheet (0.6.5.9)
      ruby-ole (>= 1.0)
    spring (1.1.3)
    sprockets (2.11.0)
      hike (~> 1.2)
      multi_json (~> 1.0)
      rack (~> 1.0)
      tilt (~> 1.1, != 1.3.0)
    sprockets-rails (2.1.3)
      actionpack (>= 3.0)
      activesupport (>= 3.0)
      sprockets (~> 2.8)
    thin (1.4.1)
      daemons (>= 1.0.9)
      eventmachine (>= 0.12.6)
      rack (>= 1.0.0)
    thinking-sphinx (3.1.1)
      activerecord (>= 3.1.0)
      builder (>= 2.1.2)
      innertube (>= 1.0.2)
      joiner (>= 0.2.0)
      middleware (>= 0.1.0)
      riddle (>= 1.5.11)
    thor (0.19.1)
    thread_safe (0.3.4)
    tilt (1.4.1)
    timers (1.1.0)
    treetop (1.4.15)
      polyglot
      polyglot (>= 0.3.1)
    tzinfo (1.2.2)
      thread_safe (~> 0.1)
    uglifier (2.5.3)
      execjs (>= 0.3.0)
      json (>= 1.8.0)
    warden (1.2.3)
      rack (>= 1.0)
    will_paginate (3.0.4)
    xpath (2.0.0)
      nokogiri (~> 1.3)

PLATFORMS
  ruby

DEPENDENCIES
  activerecord-session_store
  acts_as_commentable (~> 4.0.1)
  acts_as_tree (~> 2.0.0)
  airbrake (~> 4.1.0)
  annotate (~> 2.5.0)
  byebug
  capistrano
  capybara
  ckeditor (~> 4.0.4)
  coffee-rails (~> 4.0.0)
  custom_error_message!
  databasedotcom
  devise (~> 3.3.0)
  dynamic_form (= 1.0.0)
  facets (~> 2.9.3)
  fixture_replacement!
  foreman
  haml (~> 4.0.5)
  hpricot (= 0.8.4)
  jquery-rails
  jquery-ui-rails
  json_pure (= 1.8.1)
  minitest
  mocha (~> 1.1.0)
  money (~> 2.1.5)
  mysql2 (~> 0.3.16)
  newrelic_rpm (~> 3.9.1.236)
  paperclip (~> 3.5.1)
  passenger (= 3.0.7)
  plugger
  prototype-rails
  rails (= 4.1.5)
  rails-observers
  sass (~> 3.2.9)
  sass-rails (~> 4.0.3)
  scout (= 5.5.4)
  shoulda
  sidekiq (~> 2.17.0)
  simplecov
  skylight
  spreadsheet (= 0.6.5.9)
  spring
  state_machine!
  thin
  thinking-sphinx (~> 3.1.1)
  uglifier (>= 1.3.0)
  will_paginate (~> 3.0.4)
